GEM
  remote: http://rubygems.org/
  specs:
    akami (1.3.1)
      gyoku (>= 0.4.0)
      nokogiri
    builder (3.2.3)
    concurrent-ruby (0.9.2)
    crypt19-rb (1.3.1)
    diameter (0.3.1)
      concurrent-ruby (~> 0.9)
      dnsruby (~> 1)
    diff-lcs (1.3)
    dnsruby (1.60.2)
    gyoku (1.3.1)
      builder (>= 2.1.2)
    httpclient (2.8.3)
    httpi (2.4.2)
      rack
      socksify
    mini_portile2 (2.2.0)
    minitest (5.10.3)
    net-ldap (0.16.0)
    net-scp (1.2.1)
      net-ssh (>= 2.6.5)
    net-sftp (2.1.2)
      net-ssh (>= 2.6.5)
    net-ssh (4.1.0)
    nokogiri (1.8.0-x86-mingw32)
      mini_portile2 (~> 2.2.0)
    nori (2.6.0)
    power_assert (1.0.2)
    rack (2.0.3)
    rspec (3.6.0)
      rspec-core (~> 3.6.0)
      rspec-expectations (~> 3.6.0)
      rspec-mocks (~> 3.6.0)
    rspec-core (3.6.0)
      rspec-support (~> 3.6.0)
    rspec-expectations (3.6.0)
      diff-lcs (>= 1.2.0, < 2.0)
      rspec-support (~> 3.6.0)
    rspec-mocks (3.6.0)
      diff-lcs (>= 1.2.0, < 2.0)
      rspec-support (~> 3.6.0)
    rspec-support (3.6.0)
    savon (2.11.2)
      akami (~> 1.2)
      builder (>= 2.1.2)
      gyoku (~> 1.2)
      httpi (~> 2.3)
      nokogiri (>= 1.4.0)
      nori (~> 2.4)
      wasabi (~> 3.4)
    socksify (1.7.1)
    test-unit (3.2.5)
      power_assert
    wasabi (3.5.0)
      httpi (~> 2.0)
      nokogiri (>= 1.4.2)
    xml-simple (1.1.5)

PLATFORMS
  x86-mingw32

DEPENDENCIES
  crypt19-rb
  diameter (~> 0.3.1)
  dnsruby (~> 1.59, >= 1.59.3)
  httpclient (~> 2.8)
  httpi
  minitest
  net-ldap
  net-scp
  net-sftp
  net-ssh
  nokogiri
  rack (~> 2.0.1)
  rspec
  savon (~> 2.0)
  test-unit
  xml-simple

BUNDLED WITH
   1.14.6
